GEM
  remote: https://rubygems.org/
  specs:
    addressable (2.3.3)
    colored (1.2)
    command_line_reporter (3.3.2)
      colored (>= 1.2)
    crack (0.3.2)
    diff-lcs (1.2.4)
    fast_gettext (1.1.0)
    gettext (3.2.2)
      locale (>= 2.0.5)
      text (>= 1.3.0)
    gettext-setup (0.11)
      fast_gettext (~> 1.1.0)
      gettext (>= 3.0.2)
    kramdown (1.1.0)
    locale (2.1.2)
    mime-types (1.24)
    multi_json (1.7.9)
    public_suffix (1.4.6)
    rack (1.5.2)
    rack-test (0.6.2)
      rack (>= 1.0)
    rake (10.1.0)
    rest-client (1.6.7)
      mime-types (>= 1.16)
    rspec (2.13.0)
      rspec-core (~> 2.13.0)
      rspec-expectations (~> 2.13.0)
      rspec-mocks (~> 2.13.0)
    rspec-core (2.13.1)
    rspec-expectations (2.13.0)
      diff-lcs (>= 1.1.3, < 2.0)
    rspec-mocks (2.13.1)
    simplecov (0.7.1)
      multi_json (~> 1.0)
      simplecov-html (~> 0.7.1)
    simplecov-html (0.7.1)
    text (1.3.1)
    vcr (2.5.0)
    webmock (1.9.3)
      addressable (>= 2.2.7)
      crack (>= 0.3.2)
    yard (0.8.7)

PLATFORMS
  ruby

DEPENDENCIES
  command_line_reporter (>= 3.0)
  gettext-setup
  kramdown
  mime-types (< 2.0)
  multi_json
  public_suffix (~> 1.4.6)
  rack (< 2.0.0)
  rack-test
  rake
  rest-client (< 1.7)
  rspec (~> 2.13.0)
  rspec-core (~> 2.13.1)
  rspec-expectations (~> 2.13.0)
  rspec-mocks (~> 2.13.1)
  simplecov
  vcr
  webmock
  yard
